GEM
  remote: http://rubygems.org/
  specs:
    builder (3.0.0)
    cucumber (0.10.2)
      builder (>= 2.1.2)
      diff-lcs (>= 1.1.2)
      gherkin (>= 2.3.5)
      json (>= 1.4.6)
      term-ansicolor (>= 1.0.5)
    diff-lcs (1.1.2)
    gherkin (2.3.8)
      json (>= 1.4.6)
    json (1.5.1)
    rb-appscript (0.6.1)
    rspec (2.6.0)
      rspec-core (~> 2.6.0)
      rspec-expectations (~> 2.6.0)
      rspec-mocks (~> 2.6.0)
    rspec-core (2.6.1)
    rspec-expectations (2.6.0)
      diff-lcs (~> 1.1.2)
    rspec-mocks (2.6.0)
    safariwatir (0.4.0)
      rb-appscript
    term-ansicolor (1.0.5)

PLATFORMS
  ruby

DEPENDENCIES
  cucumber (= 0.10.2)
  rspec (= 2.6.0)
  safariwatir (= 0.4.0)
  watir (= 1.8.0)
